PATH
  remote: .
  specs:
    OTGHelpers (0.0.4)

GEM
  remote: https://rubygems.org/
  specs:
    rake (10.4.2)

PLATFORMS
  ruby

DEPENDENCIES
  OTGHelpers!
  rake
